GEM
  remote: https://rubygems.org/
  specs:
    activesupport (7.1.3.2)
      base64
      bigdecimal
      concurrent-ruby (~> 1.0, >= 1.0.2)
      connection_pool (>= 2.2.5)
      drb
      i18n (>= 1.6, < 2)
      minitest (>= 5.1)
      mutex_m
      tzinfo (~> 2.0)
    addressable (2.8.6)
      public_suffix (>= 2.0.2, < 6.0)
    ast (2.4.2)
    base64 (0.2.0)
    bigdecimal (3.1.6)
    capybara (3.40.0)
      addressable
      matrix
      mini_mime (>= 0.1.3)
      nokogiri (~> 1.11)
      rack (>= 1.6.0)
      rack-test (>= 0.6.3)
      regexp_parser (>= 1.5, < 3.0)
      xpath (~> 3.2)
    coderay (1.1.3)
    concurrent-ruby (1.2.3)
    connection_pool (2.4.1)
    diff-lcs (1.5.1)
    dotenv (3.1.0)
    drb (2.2.1)
    faker (3.2.3)
      i18n (>= 1.8.11, < 2)
    i18n (1.14.4)
      concurrent-ruby (~> 1.0)
    json (2.7.1)
    language_server-protocol (3.17.0.3)
    matrix (0.4.2)
    method_source (1.0.0)
    mini_mime (1.1.5)
    mini_portile2 (2.8.5)
    minitest (5.22.2)
    mutex_m (0.2.0)
    nokogiri (1.16.2)
      mini_portile2 (~> 2.8.2)
      racc (~> 1.4)
    nokogiri (1.16.2-arm64-darwin)
      racc (~> 1.4)
    parallel (1.24.0)
    parser (3.3.0.5)
      ast (~> 2.4.1)
      racc
    pry (0.14.2)
      coderay (~> 1.1)
      method_source (~> 1.0)
    public_suffix (5.0.4)
    racc (1.7.3)
    rack (3.0.9.1)
    rack-test (2.1.0)
      rack (>= 1.3)
    rainbow (3.1.1)
    regexp_parser (2.9.0)
    rexml (3.2.6)
    rspec (3.13.0)
      rspec-core (~> 3.13.0)
      rspec-expectations (~> 3.13.0)
      rspec-mocks (~> 3.13.0)
    rspec-core (3.13.0)
      rspec-support (~> 3.13.0)
    rspec-expectations (3.13.0)
      diff-lcs (>= 1.2.0, < 2.0)
      rspec-support (~> 3.13.0)
    rspec-mocks (3.13.0)
      diff-lcs (>= 1.2.0, < 2.0)
      rspec-support (~> 3.13.0)
    rspec-support (3.13.1)
    rubocop (1.60.2)
      json (~> 2.3)
      language_server-protocol (>= 3.17.0)
      parallel (~> 1.10)
      parser (>= 3.3.0.2)
      rainbow (>= 2.2.2, < 4.0)
      regexp_parser (>= 1.8, < 3.0)
      rexml (>= 3.2.5, < 4.0)
      rubocop-ast (>= 1.30.0, < 2.0)
      ruby-progressbar (~> 1.7)
      unicode-display_width (>= 2.4.0, < 3.0)
    rubocop-ast (1.30.0)
      parser (>= 3.2.1.0)
    rubocop-capybara (2.20.0)
      rubocop (~> 1.41)
    rubocop-factory_bot (2.25.1)
      rubocop (~> 1.41)
    rubocop-govuk (4.14.0)
      rubocop (= 1.60.2)
      rubocop-ast (= 1.30.0)
      rubocop-rails (= 2.23.1)
      rubocop-rake (= 0.6.0)
      rubocop-rspec (= 2.26.1)
    rubocop-rails (2.23.1)
      activesupport (>= 4.2.0)
      rack (>= 1.1)
      rubocop (>= 1.33.0, < 2.0)
      rubocop-ast (>= 1.30.0, < 2.0)
    rubocop-rake (0.6.0)
      rubocop (~> 1.0)
    rubocop-rspec (2.26.1)
      rubocop (~> 1.40)
      rubocop-capybara (~> 2.17)
      rubocop-factory_bot (~> 2.22)
    ruby-progressbar (1.13.0)
    rubyzip (2.3.2)
    selenium-webdriver (4.18.1)
      base64 (~> 0.2)
      rexml (~> 3.2, >= 3.2.5)
      rubyzip (>= 1.2.2, < 3.0)
      websocket (~> 1.0)
    tzinfo (2.0.6)
      concurrent-ruby (~> 1.0)
    unicode-display_width (2.5.0)
    websocket (1.2.10)
    xpath (3.2.0)
      nokogiri (~> 1.8)

PLATFORMS
  arm64-darwin-23
  ruby

DEPENDENCIES
  capybara
  dotenv
  faker
  pry
  rspec
  rubocop-govuk
  selenium-webdriver

BUNDLED WITH
   2.5.6
